PATH
  remote: .
  specs:
    ssf (0.0.3)
      google-protobuf (= 3.3.0)

GEM
  remote: https://rubygems.org/
  specs:
    google-protobuf (3.3.0)
    power_assert (1.0.2)
    rake (12.0.0)
    test-unit (3.2.4)
      power_assert

PLATFORMS
  ruby

DEPENDENCIES
  google-protobuf (= 3.3.0)
  rake
  ssf!
  test-unit

BUNDLED WITH
   1.15.2
